GEM
  remote: https://rubygems.org/
  specs:
    conventional-changelog (1.3.0)
    rake (12.3.0)

PLATFORMS
  ruby

DEPENDENCIES
  conventional-changelog (~> 1.3)
  rake (~> 12.0)

BUNDLED WITH
   1.16.0
